GEM
  remote: http://rubygems.org/
  specs:
    archive-tar-minitar (0.5.2)
    diff-lcs (1.1.3)
    file_test_helper (1.0.2)
    rake (0.9.2.2)
    rake-compiler (0.8.0)
      rake
    rspec (2.8.0)
      rspec-core (~> 2.8.0)
      rspec-expectations (~> 2.8.0)
      rspec-mocks (~> 2.8.0)
    rspec-core (2.8.0)
    rspec-expectations (2.8.0)
      diff-lcs (~> 1.1.2)
    rspec-mocks (2.8.0)
    ruby-graphviz (1.0.5)
    ruby_core_source (0.1.5)
      archive-tar-minitar (>= 0.5.2)
    thor (0.14.6)

PLATFORMS
  ruby

DEPENDENCIES
  file_test_helper (~> 1.0.0)
  rake-compiler (~> 0.8.0)
  rspec (~> 2.8.0)
  ruby-graphviz (~> 1.0.5)
  ruby_core_source (~> 0.1.5)
  thor (~> 0.14.2)
